GIT
  remote: git://github.com/mrflip/docker-api.git
  revision: 3a748e9e709123303f171e2d2dfab90b27e5cbf2
  branch: master
  specs:
    docker-api (1.15.0)
      archive-tar-minitar
      excon (>= 0.38.0)
      json

GEM
  remote: https://rubygems.org/
  specs:
    archive-tar-minitar (0.5.2)
    childprocess (0.5.5)
      ffi (~> 1.0, >= 1.0.11)
    coderay (1.1.0)
    configliere (0.4.22)
      highline (= 1.5.2)
      multi_json (~> 1.10.1)
    excon (0.41.0)
    ffi (1.9.6)
    gorillib (0.6.0)
      configliere (>= 0.4.13)
      multi_json (>= 1.1)
    highline (1.5.2)
    json (1.8.1)
    method_source (0.8.2)
    multi_json (1.10.1)
    pry (0.10.1)
      coderay (~> 1.1.0)
      method_source (~> 0.8.1)
      slop (~> 3.4)
    rake (10.4.0)
    slop (3.6.0)

PLATFORMS
  ruby

DEPENDENCIES
  childprocess
  docker-api!
  gorillib (~> 0.6)
  multi_json (>= 1.1)
  pry (~> 0.10)
  rake (~> 10.3)
